GEM
  remote: https://rubygems.org/
  specs:
    mustermann (1.0.3)
    mysql2 (0.5.2)
    rack (2.2.3)
    rack-protection (2.0.5)
      rack
    sinatra (2.0.5)
      mustermann (~> 1.0)
      rack (~> 2.0)
      rack-protection (= 2.0.5)
      tilt (~> 2.0)
    tilt (2.0.9)

PLATFORMS
  ruby

DEPENDENCIES
  mysql2
  sinatra

BUNDLED WITH
   1.17.2
